PATH
  remote: .
  specs:
    lex-memcached (0.1.3)
      dalli

GEM
  remote: https://rubygems.org/
  specs:
    amq-protocol (2.3.2)
    ast (2.4.2)
    aws-eventstream (1.1.1)
    aws-sigv4 (1.2.3)
      aws-eventstream (~> 1, >= 1.0.2)
    bunny (2.18.0)
      amq-protocol (~> 2.3, >= 2.3.1)
      sorted_set (~> 1, >= 1.0.2)
    concurrent-ruby (1.1.9)
    concurrent-ruby-ext (1.1.9)
      concurrent-ruby (= 1.1.9)
    connection_pool (2.2.5)
    daemons (1.4.0)
    dalli (2.7.11)
    diff-lcs (1.4.4)
    docile (1.4.0)
    json_pure (2.5.1)
    legion-cache (1.2.0)
      connection_pool (>= 2.2.3)
      dalli (>= 2.7)
      legion-logging
      legion-settings
      redis (>= 4.2)
    legion-crypt (1.2.0)
      vault (>= 0.15.0)
    legion-json (1.2.0)
      json_pure
      multi_json
    legion-logging (1.2.0)
      rainbow (~> 3)
    legion-settings (1.2.0)
      legion-json (>= 1.2)
    legion-transport (1.2.0)
      bunny (>= 2.17.0)
      concurrent-ruby (>= 1.1.7)
      legion-json
      legion-settings
    legionio (1.2.0)
      concurrent-ruby (>= 1.1.7)
      concurrent-ruby-ext (>= 1.1.7)
      daemons (>= 1.3.1)
      legion-cache (>= 0.2.0)
      legion-crypt (>= 0.2.0)
      legion-json (>= 0.2.0)
      legion-logging (>= 0.2.0)
      legion-settings (>= 0.2.0)
      legion-transport (>= 1.1.9)
      lex-node
      oj (>= 3.10)
      thor (>= 1)
    lex-node (0.2.0)
    multi_json (1.15.0)
    oj (3.11.5)
    parallel (1.20.1)
    parser (3.0.1.1)
      ast (~> 2.4.1)
    rainbow (3.0.0)
    rake (13.0.3)
    rbtree (0.4.4)
    redis (4.3.1)
    regexp_parser (2.1.1)
    rexml (3.2.5)
    rspec (3.10.0)
      rspec-core (~> 3.10.0)
      rspec-expectations (~> 3.10.0)
      rspec-mocks (~> 3.10.0)
    rspec-core (3.10.1)
      rspec-support (~> 3.10.0)
    rspec-expectations (3.10.1)
      diff-lcs (>= 1.2.0, < 2.0)
      rspec-support (~> 3.10.0)
    rspec-mocks (3.10.2)
      diff-lcs (>= 1.2.0, < 2.0)
      rspec-support (~> 3.10.0)
    rspec-support (3.10.2)
    rspec_junit_formatter (0.4.1)
      rspec-core (>= 2, < 4, != 2.12.0)
    rubocop (1.16.1)
      parallel (~> 1.10)
      parser (>= 3.0.0.0)
      rainbow (>= 2.2.2, < 4.0)
      regexp_parser (>= 1.8, < 3.0)
      rexml
      rubocop-ast (>= 1.7.0, < 2.0)
      ruby-progressbar (~> 1.7)
      unicode-display_width (>= 1.4.0, < 3.0)
    rubocop-ast (1.7.0)
      parser (>= 3.0.1.1)
    ruby-progressbar (1.11.0)
    set (1.0.1)
    simplecov (0.21.2)
      docile (~> 1.1)
      simplecov-html (~> 0.11)
      simplecov_json_formatter (~> 0.1)
    simplecov-html (0.12.3)
    simplecov_json_formatter (0.1.3)
    sorted_set (1.0.3)
      rbtree
      set (~> 1.0)
    thor (1.1.0)
    unicode-display_width (2.0.0)
    vault (0.16.0)
      aws-sigv4

PLATFORMS
  ruby

DEPENDENCIES
  legionio
  lex-memcached!
  rake
  rspec
  rspec_junit_formatter
  rubocop
  simplecov

BUNDLED WITH
   2.2.19
